GEM
  remote: http://ruby.taobao.org/
  specs:
    mysql2 (0.3.15)
    rails_12factor (0.0.2)
      rails_serve_static_assets
      rails_stdout_logging
    rails_serve_static_assets (0.0.2)
    rails_stdout_logging (0.0.3)

PLATFORMS
  ruby

DEPENDENCIES
  mysql2 (~> 0.3.15)
  rails_12factor
